GEM
  remote: https://rubygems.org/
  specs:
    addressable (2.8.1)
      public_suffix (>= 2.0.2, < 6.0)
    builder (3.2.2)
    faraday (0.8.11)
      multipart-post (~> 1.2.0)
    git (1.2.9.1)
    github_api (0.10.1)
      addressable
      faraday (~> 0.8.1)
      hashie (>= 1.2)
      multi_json (~> 1.4)
      nokogiri (~> 1.5.2)
      oauth2
    hashie (5.0.0)
    highline (1.7.2)
    jeweler (1.8.8)
      builder
      bundler (~> 1.0)
      git (>= 1.2.5)
      github_api (= 0.10.1)
      highline (>= 1.6.15)
      nokogiri (= 1.5.10)
      rake
      rdoc
    json (1.8.3)
    jwt (2.6.0)
    multi_json (1.15.0)
    multi_xml (0.6.0)
    multipart-post (1.2.0)
    nokogiri (1.5.10)
    oauth2 (1.4.8)
      faraday (>= 0.8, < 3.0)
      jwt (>= 1.0, < 3.0)
      multi_json (~> 1.3)
      multi_xml (~> 0.5)
      rack (>= 1.2, < 3)
    public_suffix (5.0.1)
    rack (2.2.6.2)
    rake (10.4.2)
    rdoc (4.2.0)
      json (~> 1.4)

PLATFORMS
  ruby

DEPENDENCIES
  bundler (~> 1.9.0)
  jeweler (~> 1.8.0)
  json (~> 1.8.0)
